PATH
  remote: .
  specs:
    devcenter-backend (0.0.6)
      datastore-client (= 0.0.4)
      grape (= 0.2.0)
      graph-client (= 0.0.3)
      json (= 1.7.4)

GEM
  remote: https://rubygems.org/
  remote: https://user:We267RFF7BfwVt4LdqFA@privategems.herokuapp.com/
  specs:
    activemodel (3.2.8)
      activesupport (= 3.2.8)
      builder (~> 3.0.0)
    activesupport (3.2.8)
      i18n (~> 0.6)
      multi_json (~> 1.0)
    bson (1.6.4)
    bson (1.6.4-java)
    bson_ext (1.6.4)
      bson (~> 1.6.4)
    builder (3.0.3)
    commander (4.1.2)
      highline (~> 1.6.11)
    datastore-backend (0.0.5)
      grape (= 0.2.0)
      json (= 1.7.4)
      mongoid (= 2.4.11)
      rack-jsonp-middleware (= 0.0.5)
      uuid
    datastore-client (0.0.4)
      json
    faraday (0.8.1)
      multipart-post (~> 1.1)
    grape (0.2.0)
      hashie (~> 1.2)
      multi_json
      multi_xml
      rack
      rack-mount
    graph-backend (0.0.3)
      grape (= 0.2.0)
      json (= 1.7.4)
      neography (= 0.0.29)
    graph-client (0.0.3)
      commander
      service-client (= 0.0.4)
    hashie (1.2.0)
    highline (1.6.14)
    httparty (0.9.0)
      multi_json (~> 1.0)
      multi_xml
    i18n (0.6.1)
    json (1.7.4)
    json (1.7.4-java)
    macaddr (1.6.1)
      systemu (~> 2.5.0)
    mongo (1.6.2)
      bson (~> 1.6.2)
    mongoid (2.4.11)
      activemodel (~> 3.1)
      mongo (<= 1.6.2)
      tzinfo (~> 0.3.22)
    multi_json (1.3.6)
    multi_xml (0.5.1)
    multipart-post (1.1.5)
    neography (0.0.29)
      httparty (>= 0.8.1)
      json
      multi_json
      os
      rake (>= 0.8.7)
      rubyzip
    os (0.9.6)
    rack (1.4.1)
    rack-client (0.4.0)
      rack (>= 1.0.0)
    rack-jsonp-middleware (0.0.5)
      rack
    rack-mount (0.8.3)
      rack (>= 1.0.0)
    rack-test (0.6.1)
      rack (>= 1.0)
    rake (0.9.2.2)
    rubyzip (0.9.9)
    service-client (0.0.4)
      faraday (= 0.8.1)
      json
    systemu (2.5.2)
    tzinfo (0.3.33)
    uuid (2.3.5)
      macaddr (~> 1.0)

PLATFORMS
  java
  ruby

DEPENDENCIES
  bson_ext
  datastore-backend (= 0.0.5)
  devcenter-backend!
  graph-backend (= 0.0.3)
  rack-client
  rack-test
  rake
  uuid
